GEM
  remote: https://rubygems.org/
  specs:
    byebug (11.0.1)
    csv (3.0.9)
    date (2.0.0)
    mustermann (1.0.3)
    pill_chart (1.1.0)
    rack (2.0.7)
    rack-protection (2.0.7)
      rack
    shotgun (0.9.2)
      rack (>= 1.0)
    sinatra (2.0.7)
      mustermann (~> 1.0)
      rack (~> 2.0)
      rack-protection (= 2.0.7)
      tilt (~> 2.0)
    tilt (2.0.10)
    yaml_store (1.0.0)

PLATFORMS
  ruby

DEPENDENCIES
  byebug
  csv
  date
  pill_chart
  shotgun
  sinatra
  yaml_store

BUNDLED WITH
   1.17.3
